GEM
  remote: https://rubygems.org/
  specs:
    bashcov (1.5.1)
      simplecov (~> 0.11)
    diff-lcs (1.3)
    docile (1.1.5)
    json (2.1.0)
    macaddr (1.7.1)
      systemu (~> 2.6.2)
    rspec (3.6.0)
      rspec-core (~> 3.6.0)
      rspec-expectations (~> 3.6.0)
      rspec-mocks (~> 3.6.0)
    rspec-core (3.6.0)
      rspec-support (~> 3.6.0)
    rspec-expectations (3.6.0)
      diff-lcs (>= 1.2.0, < 2.0)
      rspec-support (~> 3.6.0)
    rspec-mocks (3.6.0)
      diff-lcs (>= 1.2.0, < 2.0)
      rspec-support (~> 3.6.0)
    rspec-support (3.6.0)
    simplecov (0.15.1)
      docile (~> 1.1.0)
      json (>= 1.8, < 3)
      simplecov-html (~> 0.10.0)
    simplecov-html (0.10.2)
    systemu (2.6.5)
    uuid (2.3.8)
      macaddr (~> 1.0)

PLATFORMS
  ruby

DEPENDENCIES
  bashcov
  json
  rspec
  uuid

BUNDLED WITH
   1.16.0.pre.3
